PATH
  remote: ../rulers
  specs:
    rulers (0.1.0)
      erubis (~> 2.7)
      rack (~> 1.6)

GEM
  remote: https://rubygems.org/
  specs:
    erubis (2.7.0)
    rack (1.6.4)

PLATFORMS
  ruby

DEPENDENCIES
  rulers!

BUNDLED WITH
   1.10.6
